GEM
  remote: https://rubygems.org/
  specs:
    actioncable (7.0.0.rc3)
      actionpack (= 7.0.0.rc3)
      activesupport (= 7.0.0.rc3)
      nio4r (~> 2.0)
      websocket-driver (>= 0.6.1)
    actionmailbox (7.0.0.rc3)
      actionpack (= 7.0.0.rc3)
      activejob (= 7.0.0.rc3)
      activerecord (= 7.0.0.rc3)
      activestorage (= 7.0.0.rc3)
      activesupport (= 7.0.0.rc3)
      mail (>= 2.7.1)
    actionmailer (7.0.0.rc3)
      actionpack (= 7.0.0.rc3)
      actionview (= 7.0.0.rc3)
      activejob (= 7.0.0.rc3)
      activesupport (= 7.0.0.rc3)
      mail (~> 2.5, >= 2.5.4)
      rails-dom-testing (~> 2.0)
    actionpack (7.0.0.rc3)
      actionview (= 7.0.0.rc3)
      activesupport (= 7.0.0.rc3)
      rack (~> 2.0, >= 2.2.0)
      rack-test (>= 0.6.3)
      rails-dom-testing (~> 2.0)
      rails-html-sanitizer (~> 1.0, >= 1.2.0)
    actiontext (7.0.0.rc3)
      actionpack (= 7.0.0.rc3)
      activerecord (= 7.0.0.rc3)
      activestorage (= 7.0.0.rc3)
      activesupport (= 7.0.0.rc3)
      globalid (>= 0.6.0)
      nokogiri (>= 1.8.5)
    actionview (7.0.0.rc3)
      activesupport (= 7.0.0.rc3)
      builder (~> 3.1)
      erubi (~> 1.4)
      rails-dom-testing (~> 2.0)
      rails-html-sanitizer (~> 1.1, >= 1.2.0)
    activejob (7.0.0.rc3)
      activesupport (= 7.0.0.rc3)
      globalid (>= 0.3.6)
    activemodel (7.0.0.rc3)
      activesupport (= 7.0.0.rc3)
    activemodel-serializers-xml (1.0.2)
      activemodel (> 5.x)
      activesupport (> 5.x)
      builder (~> 3.1)
    activerecord (7.0.0.rc3)
      activemodel (= 7.0.0.rc3)
      activesupport (= 7.0.0.rc3)
    activerecord-import (1.2.0)
      activerecord (>= 3.2)
    activestorage (7.0.0.rc3)
      actionpack (= 7.0.0.rc3)
      activejob (= 7.0.0.rc3)
      activerecord (= 7.0.0.rc3)
      activesupport (= 7.0.0.rc3)
      marcel (~> 1.0)
      mini_mime (>= 1.1.0)
    activesupport (7.0.0.rc3)
      concurrent-ruby (~> 1.0, >= 1.0.2)
      i18n (>= 1.6, < 2)
      minitest (>= 5.1)
      tzinfo (~> 2.0)
    addressable (2.8.0)
      public_suffix (>= 2.0.2, < 5.0)
    ast (2.4.2)
    bcrypt (3.1.16)
    bindex (0.8.1)
    blueprinter (0.25.3)
    bootsnap (1.9.3)
      msgpack (~> 1.0)
    builder (3.2.4)
    byebug (11.1.3)
    caxlsx (3.1.1)
      htmlentities (~> 4.3, >= 4.3.4)
      marcel (~> 1.0)
      nokogiri (~> 1.10, >= 1.10.4)
      rubyzip (>= 1.3.0, < 3)
    caxlsx_rails (0.6.2)
      actionpack (>= 3.1)
      caxlsx (>= 3.0)
    coderay (1.1.3)
    concurrent-ruby (1.1.9)
    connection_pool (2.2.5)
    crass (1.0.6)
    dotenv (2.7.6)
    dotenv-rails (2.7.6)
      dotenv (= 2.7.6)
      railties (>= 3.2)
    draper (4.0.2)
      actionpack (>= 5.0)
      activemodel (>= 5.0)
      activemodel-serializers-xml (>= 1.0)
      activesupport (>= 5.0)
      request_store (>= 1.0)
      ruby2_keywords
    erubi (1.10.0)
    faker (2.19.0)
      i18n (>= 1.6, < 2)
    faraday (1.8.0)
      faraday-em_http (~> 1.0)
      faraday-em_synchrony (~> 1.0)
      faraday-excon (~> 1.1)
      faraday-httpclient (~> 1.0.1)
      faraday-net_http (~> 1.0)
      faraday-net_http_persistent (~> 1.1)
      faraday-patron (~> 1.0)
      faraday-rack (~> 1.0)
      multipart-post (>= 1.2, < 3)
      ruby2_keywords (>= 0.0.4)
    faraday-em_http (1.0.0)
    faraday-em_synchrony (1.0.0)
    faraday-excon (1.1.0)
    faraday-httpclient (1.0.1)
    faraday-net_http (1.0.1)
    faraday-net_http_persistent (1.2.0)
    faraday-patron (1.0.0)
    faraday-rack (1.0.0)
    faraday_middleware (1.2.0)
      faraday (~> 1.0)
    globalid (1.0.0)
      activesupport (>= 5.0)
    highline (2.0.3)
    htmlentities (4.3.4)
    i18n (1.8.11)
      concurrent-ruby (~> 1.0)
    i18n-tasks (0.9.35)
      activesupport (>= 4.0.2)
      ast (>= 2.1.0)
      erubi
      highline (>= 2.0.0)
      i18n
      parser (>= 2.2.3.0)
      rails-i18n
      rainbow (>= 2.2.2, < 4.0)
      terminal-table (>= 1.5.1)
    json (2.6.1)
    launchy (2.5.0)
      addressable (~> 2.7)
    letter_opener (1.7.0)
      launchy (~> 2.2)
    lokalise_manager (1.2.1)
      ruby-lokalise-api (~> 4.0)
      rubyzip (~> 2.3)
    lokalise_rails (3.0.0)
      lokalise_manager (~> 1.0)
    loofah (2.13.0)
      crass (~> 1.0.2)
      nokogiri (>= 1.5.9)
    mail (2.7.1)
      mini_mime (>= 0.1.1)
    marcel (1.0.2)
    method_source (1.0.0)
    mini_mime (1.1.2)
    minitest (5.15.0)
    msgpack (1.4.2)
    multipart-post (2.1.1)
    nio4r (2.5.8)
    nokogiri (1.12.5-x64-mingw32)
      racc (~> 1.4)
    pagy (5.6.6)
    parallel (1.21.0)
    parser (3.0.3.2)
      ast (~> 2.4.1)
    pry (0.14.1)
      coderay (~> 1.1)
      method_source (~> 1.0)
    pry-rails (0.3.9)
      pry (>= 0.10.4)
    public_suffix (4.0.6)
    puma (5.5.2)
      nio4r (~> 2.0)
    pundit (2.1.1)
      activesupport (>= 3.0.0)
    racc (1.6.0)
    rack (2.2.3)
    rack-mini-profiler (2.3.3)
      rack (>= 1.2.0)
    rack-proxy (0.7.0)
      rack
    rack-test (1.1.0)
      rack (>= 1.0, < 3)
    rails (7.0.0.rc3)
      actioncable (= 7.0.0.rc3)
      actionmailbox (= 7.0.0.rc3)
      actionmailer (= 7.0.0.rc3)
      actionpack (= 7.0.0.rc3)
      actiontext (= 7.0.0.rc3)
      actionview (= 7.0.0.rc3)
      activejob (= 7.0.0.rc3)
      activemodel (= 7.0.0.rc3)
      activerecord (= 7.0.0.rc3)
      activestorage (= 7.0.0.rc3)
      activesupport (= 7.0.0.rc3)
      bundler (>= 1.15.0)
      railties (= 7.0.0.rc3)
    rails-dom-testing (2.0.3)
      activesupport (>= 4.2.0)
      nokogiri (>= 1.6)
    rails-html-sanitizer (1.4.2)
      loofah (~> 2.3)
    rails-i18n (6.0.0)
      i18n (>= 0.7, < 2)
      railties (>= 6.0.0, < 7)
    railties (7.0.0.rc3)
      actionpack (= 7.0.0.rc3)
      activesupport (= 7.0.0.rc3)
      method_source
      rake (>= 12.2)
      thor (~> 1.0)
      zeitwerk (~> 2.5)
    rainbow (3.0.0)
    rake (13.0.6)
    redis (4.5.1)
    regexp_parser (2.2.0)
    request_store (1.5.0)
      rack (>= 1.4)
    rexml (3.2.5)
    rubocop (1.23.0)
      parallel (~> 1.10)
      parser (>= 3.0.0.0)
      rainbow (>= 2.2.2, < 4.0)
      regexp_parser (>= 1.8, < 3.0)
      rexml
      rubocop-ast (>= 1.12.0, < 2.0)
      ruby-progressbar (~> 1.7)
      unicode-display_width (>= 1.4.0, < 3.0)
    rubocop-ast (1.15.0)
      parser (>= 3.0.1.1)
    rubocop-i18n (3.0.0)
      rubocop (~> 1.0)
    rubocop-performance (1.12.0)
      rubocop (>= 1.7.0, < 2.0)
      rubocop-ast (>= 0.4.0)
    rubocop-rails (2.12.4)
      activesupport (>= 4.2.0)
      rack (>= 1.1)
      rubocop (>= 1.7.0, < 2.0)
    ruby-lokalise-api (4.4.0)
      addressable (~> 2.5)
      faraday (~> 1.0)
      faraday_middleware (~> 1.0)
      json (>= 1.8.0)
    ruby-progressbar (1.11.0)
    ruby2_keywords (0.0.5)
    rubyXL (3.4.18)
      nokogiri (>= 1.10.8)
      rubyzip (>= 1.3.0)
    rubyzip (2.3.2)
    semantic_range (3.0.0)
    sidekiq (6.3.1)
      connection_pool (>= 2.2.2)
      rack (~> 2.0)
      redis (>= 4.2.0)
    sqlite3 (1.4.2)
    terminal-table (3.0.2)
      unicode-display_width (>= 1.1.1, < 3)
    thor (1.1.0)
    tzinfo (2.0.4)
      concurrent-ruby (~> 1.0)
    tzinfo-data (1.2021.5)
      tzinfo (>= 1.0.0)
    unicode-display_width (2.1.0)
    web-console (4.2.0)
      actionview (>= 6.0.0)
      activemodel (>= 6.0.0)
      bindex (>= 0.4.0)
      railties (>= 6.0.0)
    webpacker (6.0.0.rc.6)
      activesupport (>= 5.2)
      rack-proxy (>= 0.6.1)
      railties (>= 5.2)
      semantic_range (>= 2.3.0)
    websocket-driver (0.7.5)
      websocket-extensions (>= 0.1.0)
    websocket-extensions (0.1.5)
    zeitwerk (2.5.1)

PLATFORMS
  x64-mingw32

DEPENDENCIES
  activerecord-import (~> 1.2)
  bcrypt (~> 3.1.7)
  blueprinter (~> 0.25)
  bootsnap (>= 1.4.4)
  byebug
  caxlsx (~> 3.1)
  caxlsx_rails (~> 0.6)
  dotenv-rails (~> 2.7)
  draper (~> 4.0)
  faker (~> 2)
  i18n-tasks (~> 0.9.34)
  letter_opener
  lokalise_rails (~> 3)
  pagy (~> 5.0)
  pry-rails
  puma (~> 5.0)
  pundit (~> 2.1)
  rack-mini-profiler (~> 2.0)
  rails (= 7.0.0.rc3)
  rails-i18n (~> 6)
  rubocop (~> 1.18)
  rubocop-i18n (~> 3)
  rubocop-performance (~> 1.11)
  rubocop-rails (~> 2.11)
  rubyXL (~> 3.4)
  rubyzip (~> 2)
  sidekiq (~> 6)
  sqlite3 (~> 1.4)
  tzinfo-data
  web-console (>= 4.1.0)
  webpacker (= 6.0.0.rc.6)

RUBY VERSION
   ruby 3.0.3p157

BUNDLED WITH
   2.2.33
